PATH
  remote: .
  specs:
    beyond_the_vale_of_madness (0.1.0)

GEM
  remote: https://rubygems.org/
  specs:
    artii (2.1.2)
    ast (2.4.2)
    colorize (0.8.1)
    crapshoot (0.5.1)
    diff-lcs (1.4.4)
    equatable (0.7.0)
    necromancer (0.5.1)
    parallel (1.21.0)
    parser (3.0.2.0)
      ast (~> 2.4.1)
    pastel (0.7.4)
      equatable (~> 0.6)
      tty-color (~> 0.5)
    rainbow (3.0.0)
    rake (13.0.6)
    regexp_parser (2.1.1)
    rexml (3.2.5)
    rspec (3.10.0)
      rspec-core (~> 3.10.0)
      rspec-expectations (~> 3.10.0)
      rspec-mocks (~> 3.10.0)
    rspec-core (3.10.1)
      rspec-support (~> 3.10.0)
    rspec-expectations (3.10.1)
      diff-lcs (>= 1.2.0, < 2.0)
      rspec-support (~> 3.10.0)
    rspec-mocks (3.10.2)
      diff-lcs (>= 1.2.0, < 2.0)
      rspec-support (~> 3.10.0)
    rspec-support (3.10.2)
    rubocop (1.22.0)
      parallel (~> 1.10)
      parser (>= 3.0.0.0)
      rainbow (>= 2.2.2, < 4.0)
      regexp_parser (>= 1.8, < 3.0)
      rexml
      rubocop-ast (>= 1.12.0, < 2.0)
      ruby-progressbar (~> 1.7)
      unicode-display_width (>= 1.4.0, < 3.0)
    rubocop-ast (1.12.0)
      parser (>= 3.0.1.1)
    ruby-progressbar (1.11.0)
    tty-color (0.6.0)
    tty-cursor (0.7.1)
    tty-prompt (0.21.0)
      necromancer (~> 0.5.0)
      pastel (~> 0.7.0)
      tty-reader (~> 0.7.0)
    tty-reader (0.7.0)
      tty-cursor (~> 0.7)
      tty-screen (~> 0.7)
      wisper (~> 2.0.0)
    tty-screen (0.8.1)
    unicode-display_width (2.1.0)
    wisper (2.0.1)
    yaml (0.1.1)

PLATFORMS
  x86_64-linux

DEPENDENCIES
  artii (~> 2.1.2)
  beyond_the_vale_of_madness!
  colorize (~> 0.8.1)
  crapshoot (~> 0.5.1)
  rake (~> 13.0)
  rspec (~> 3.0)
  rubocop (~> 1.7)
  tty-prompt (~> 0.21.0)
  yaml (~> 0.1.1)

BUNDLED WITH
   2.2.28
